GEM
  remote: http://rubygems.org/
  specs:
    builder (2.1.2)
    haml (3.0.18)
    rack (1.2.1)
    rdiscount (1.6.5)
    toto (0.4.6)
      builder
      rack
      rdiscount

PLATFORMS
  ruby

DEPENDENCIES
  builder
  haml
  rdiscount
  toto
